PATH
  remote: .
  specs:
    macaw (0.0.1)

GEM
  remote: https://rubygems.org/
  specs:
    json_pure (1.8.1)
    rake (10.3.2)
    require_all (1.3.2)

PLATFORMS
  ruby

DEPENDENCIES
  bundler (~> 1.3)
  json_pure
  macaw!
  rake
  require_all
