PATH
  remote: .
  specs:
    macaw-ruby (0.0.4)

GEM
  remote: https://rubygems.org/
  specs:
    json_pure (1.8.1)
    os (0.9.6)
    rake (10.3.2)
    require_all (1.3.2)

PLATFORMS
  ruby

DEPENDENCIES
  bundler (~> 1.3)
  json_pure
  macaw-ruby!
  os
  rake
  require_all
