PATH
  remote: .
  specs:
    macaw (0.0.40)
      i18n
      json_pure
      os
      require_all

GEM
  remote: https://rubygems.org/
  specs:
    i18n (0.6.9)
    java_properties (0.0.4)
    json_pure (1.8.1)
    os (0.9.6)
    rake (10.3.2)
    require_all (1.3.2)

PLATFORMS
  ruby

DEPENDENCIES
  bundler (~> 1.3)
  java_properties
  macaw!
  rake
