PATH
  remote: .
  specs:
    macaw (0.0.1)

GEM
  remote: https://rubygems.org/
  specs:
    ParseTree (3.0.9)
      RubyInline (~> 3.9.0)
      sexp_processor (~> 3.2.0)
    RubyInline (3.9.0)
      ZenTest (~> 4.3)
    ZenTest (4.10.0)
    json_pure (1.8.1)
    os (0.9.6)
    rake (10.3.2)
    rdp-arguments (0.6.6)
      ParseTree (>= 3.0.3)
      ruby2ruby
      ruby_parser (>= 2.0.2)
    require_all (1.3.2)
    ruby2ruby (1.3.1)
      ruby_parser (~> 2.0)
      sexp_processor (~> 3.0)
    ruby_parser (2.3.1)
      sexp_processor (~> 3.0)
    sexp_processor (3.2.0)

PLATFORMS
  ruby

DEPENDENCIES
  bundler (~> 1.3)
  json_pure
  macaw!
  os
  rake
  rdp-arguments
  require_all
